RESTRICTION: == net461
NUGET
  remote: https://www.nuget.org/api/v2
    FAKE (4.63.2)
    NuGet.CommandLine (4.4.1)
